GEM
  remote: https://rubygems.org/
  specs:
    docile (1.1.5)
    json (2.1.0)
    minitest (4.7.5)
    mustache (0.99.4)
    simplecov (0.15.1)
      docile (~> 1.1.0)
      json (>= 1.8, < 3)
      simplecov-html (~> 0.10.0)
    simplecov-html (0.10.2)
    test-unit-minitest (0.9.1)
      minitest (~> 4.7)

PLATFORMS
  ruby

DEPENDENCIES
  minitest
  mustache (= 0.99.4)
  simplecov
  test-unit-minitest

BUNDLED WITH
   1.10.6
